GEM
  remote: https://rubygems.org/
  specs:
    anemone (0.7.2)
      nokogiri (>= 1.3.0)
      robotex (>= 1.0.0)
    mini_portile2 (2.4.0)
    nokogiri (1.10.10)
      mini_portile2 (~> 2.4.0)
    robinson (0.0.2)
      anemone
      smart_colored
    robotex (1.0.0)
    smart_colored (1.1.1)

PLATFORMS
  ruby

DEPENDENCIES
  robinson (~> 0.0.2)
