GEM
  remote: https://rubygems.org/
  specs:
    anemone (0.7.2)
      nokogiri (>= 1.3.0)
      robotex (>= 1.0.0)
    mini_portile2 (2.5.1)
    nokogiri (1.11.5)
      mini_portile2 (~> 2.5.0)
      racc (~> 1.4)
    racc (1.5.2)
    robinson (0.0.2)
      anemone
      smart_colored
    robotex (1.0.0)
    smart_colored (1.1.1)

PLATFORMS
  ruby

DEPENDENCIES
  robinson (~> 0.0.2)
